PATH
  remote: .
  specs:
    Picard (0.0.1)
      live_ast (= 1.0.2)
      live_ast_ripper (= 0.6.5)

GEM
  remote: http://rubygems.org/
  specs:
    live_ast (1.0.2)
      live_ast_ruby_parser (>= 0.6.0)
    live_ast_ripper (0.6.5)
    live_ast_ruby_parser (0.6.4)
      ruby2ruby
      ruby_parser (= 2.0.6)
    rr (1.0.4)
    ruby2ruby (1.3.0)
      ruby_parser (~> 2.0)
      sexp_processor (~> 3.0)
    ruby_parser (2.0.6)
      sexp_processor (~> 3.0)
    sexp_processor (3.0.6)

PLATFORMS
  ruby

DEPENDENCIES
  Picard!
  rr
