GEM
  specs:
    guard (0.5.1)
      thor (~> 0.14.6)
    guard-test (0.3.0)
      guard (>= 0.2.2)
      test-unit (~> 2.2)
    live_ast (1.0.2)
      live_ast_ruby_parser (>= 0.6.0)
    live_ast_ripper (0.6.5)
    live_ast_ruby_parser (0.6.4)
      ruby2ruby
      ruby_parser (= 2.0.6)
    rr (1.0.4)
    ruby2ruby (1.3.0)
      ruby_parser (~> 2.0)
      sexp_processor (~> 3.0)
    ruby_parser (2.0.6)
      sexp_processor (~> 3.0)
    sexp_processor (3.0.6)
    test-unit (2.3.0)
    thor (0.14.6)

PLATFORMS
  ruby

DEPENDENCIES
  guard-test
  live_ast
  live_ast_ripper
  rr
